GEM
  remote: https://rubygems.org/
  specs:
    awesome_print (1.8.0)
    coderay (1.1.2)
    gosu (0.15.1-x64-mingw32)
    method_source (0.9.2)
    mini_magick (4.10.1)
    minitest (5.14.0)
    pry (0.12.2)
      coderay (~> 1.1.0)
      method_source (~> 0.9.0)
    require_all (3.0.0)
    rmagick (4.1.1)

PLATFORMS
  x64-mingw32

DEPENDENCIES
  awesome_print
  gosu
  mini_magick
  minitest
  pry (~> 0.12.2)
  require_all
  rmagick

BUNDLED WITH
   2.1.4
