GEM
  remote: https://rubygems.org/
  specs:
    ast (2.4.1)
    coderay (1.1.3)
    gosu (0.15.2)
    gosu (0.15.2-x64-mingw32)
    method_source (0.9.2)
    mini_magick (4.10.1)
    minitest (5.14.1)
    parallel (1.19.2)
    parser (2.7.1.4)
      ast (~> 2.4.1)
    pry (0.12.2)
      coderay (~> 1.1.0)
      method_source (~> 0.9.0)
    rainbow (3.0.0)
    regexp_parser (1.7.1)
    require_all (3.0.0)
    rexml (3.2.5)
    rmagick (4.1.2)
    rubocop (0.87.1)
      parallel (~> 1.10)
      parser (>= 2.7.1.1)
      rainbow (>= 2.2.2, < 4.0)
      regexp_parser (>= 1.7)
      rexml
      rubocop-ast (>= 0.1.0, < 1.0)
      ruby-progressbar (~> 1.7)
      unicode-display_width (>= 1.4.0, < 2.0)
    rubocop-ast (0.1.0)
      parser (>= 2.7.0.1)
    rubocop-sorbet (0.4.0)
      rubocop
    ruby-progressbar (1.10.1)
    sorbet (0.5.5815)
      sorbet-static (= 0.5.5815)
    sorbet-runtime (0.5.5815)
    sorbet-static (0.5.5815-universal-darwin-14)
    sorbet-static (0.5.5815-universal-darwin-15)
    sorbet-static (0.5.5815-universal-darwin-16)
    sorbet-static (0.5.5815-universal-darwin-17)
    sorbet-static (0.5.5815-universal-darwin-18)
    sorbet-static (0.5.5815-universal-darwin-19)
    sorbet-static (0.5.5815-x86_64-linux)
    unicode-display_width (1.7.0)

PLATFORMS
  ruby
  x64-mingw32

DEPENDENCIES
  gosu
  mini_magick
  minitest
  pry (~> 0.12.2)
  require_all
  rmagick
  rubocop
  rubocop-sorbet
  sorbet
  sorbet-runtime

BUNDLED WITH
   2.1.4
