GEM
  remote: https://rubygems.org/
  specs:
    ast (2.4.0)
    coderay (1.1.2)
    gosu (0.15.1)
    gosu (0.15.1-x64-mingw32)
    method_source (0.9.2)
    mini_magick (4.10.1)
    minitest (5.14.0)
    parallel (1.19.1)
    parser (2.7.1.2)
      ast (~> 2.4.0)
    pry (0.12.2)
      coderay (~> 1.1.0)
      method_source (~> 0.9.0)
    rainbow (3.0.0)
    require_all (3.0.0)
    rexml (3.2.4)
    rmagick (4.1.1)
    rubocop (0.83.0)
      parallel (~> 1.10)
      parser (>= 2.7.0.1)
      rainbow (>= 2.2.2, < 4.0)
      rexml
      ruby-progressbar (~> 1.7)
      unicode-display_width (>= 1.4.0, < 2.0)
    ruby-progressbar (1.10.1)
    unicode-display_width (1.7.0)

PLATFORMS
  ruby
  x64-mingw32

DEPENDENCIES
  gosu
  mini_magick
  minitest
  pry (~> 0.12.2)
  require_all
  rmagick
  rubocop

BUNDLED WITH
   2.1.4
